GIT
  remote: git://github.com/omniauth/omniauth-saml.git
  revision: 5559d6b808053ca5bb878af8d5f277b863c7d55d
  specs:
    omniauth-saml (1.6.0)
      omniauth (~> 1.3)
      ruby-saml (~> 1.3)

GIT
  remote: https://github.com/carrierwaveuploader/carrierwave
  revision: 5367a636053b85bd639f2d1ee6ab25ef8305aeaf
  branch: master
  specs:
    carrierwave (1.0.0.beta)
      activemodel (>= 4.0.0)
      activesupport (>= 4.0.0)
      mime-types (>= 1.16)

GIT
  remote: https://github.com/finnlabs/omniauth-openid-connect.git
  revision: c3bce4c9e9ac5412b36b00f80a44e3f1f7817222
  branch: dev
  specs:
    omniauth-openid-connect (0.2.0)
      addressable (~> 2.3)
      omniauth (~> 1.1)
      openid_connect (~> 0.8.0)

GIT
  remote: https://github.com/finnlabs/omniauth-openid_connect-providers.git
  revision: 86f3670e127e6f4c14091e4f74f2418bd1ed63c4
  branch: dev
  specs:
    omniauth-openid_connect-providers (0.1.0)
      omniauth-openid-connect (>= 0.2.0)

GIT
  remote: https://github.com/finnlabs/openproject-auth_saml
  revision: 97212abb83781aa7891d09b9fc7ab9209382d500
  branch: dev
  specs:
    openproject-auth_saml (0.1.0)
      omniauth-saml (~> 1.4)

GIT
  remote: https://github.com/finnlabs/rspec-example_disabler.git
  revision: deb9c38e3f4e3688724583ac1ff58e1ae8aba409
  specs:
    rspec-example_disabler (0.0.1)

GIT
  remote: https://github.com/finnlabs/transactional_lock.git
  revision: 6948b1d446db0da5645e68ffeeddca1c4944c3bc
  branch: master
  specs:
    transactional_lock (0.1.0)
      activerecord (>= 4.0)

GIT
  remote: https://github.com/globalize/globalize
  revision: 38443bcd07da78b7b8a9433e4c6c32dd51f964a3
  ref: 38443bcd
  specs:
    globalize (5.1.0)
      activemodel (>= 4.2, < 5.1)
      activerecord (>= 4.2, < 5.1)
      request_store (~> 1.0)

GIT
  remote: https://github.com/goodwill/capybara-select2
  revision: 585192e4bb0db8d52e761ab68f08c17294806447
  ref: 585192e
  specs:
    capybara-select2 (1.0.1)
      capybara
      rspec

GIT
  remote: https://github.com/norman/friendly_id
  revision: aff0564584e84ffa505e6e278b65ca3c4ee5d698
  ref: aff05645
  specs:
    friendly_id (5.2.0.beta.1)
      activerecord (>= 4.0.0)

GIT
  remote: https://github.com/oliverguenther/omniauth
  revision: 8385bc0da47e4fc4f4a256c97725bcf8215d13c2
  ref: 8385bc0
  specs:
    omniauth (1.3.1)
      hashie (>= 1.2, < 4)
      rack (>= 1.0, < 3)

GIT
  remote: https://github.com/opf/openproject-translations.git
  revision: 6ebd49ba35c610cd6face3fbe14c9f3af9c6e0c0
  branch: stable/6
  specs:
    openproject-translations (6.1.2)
      crowdin-api (~> 0.4.1)
      mixlib-shellout (~> 2.1.0)
      rails (~> 5.0.0)
      rubyzip

GIT
  remote: https://github.com/opf/rails-angular-xss
  revision: a45267d53d32610bad01f903e9f1b49a81b7c37b
  ref: a45267d5
  specs:
    rails-angular-xss (0.3.0.pre.pre)
      rails (>= 5.0.0, < 5.1)

GIT
  remote: https://github.com/rails/rails-controller-testing/
  revision: d942a5d239a4b34cf93e86ca35e49f464e516ede
  specs:
    rails-controller-testing (1.0.1)
      actionpack (~> 5.x)
      actionview (~> 5.x)
      activesupport (~> 5.x)

GIT
  remote: https://github.com/rspec/rspec-activemodel-mocks
  revision: 5cd4c9d552bcc75d60ea4b7dda96e7377197ab8d
  specs:
    rspec-activemodel-mocks (1.0.3)
      activemodel (>= 3.0)
      activesupport (>= 3.0)
      rspec-mocks (>= 2.99, < 4.0)

PATH
  remote: vendored-plugins/openproject-auth_plugins
  specs:
    openproject-auth_plugins (6.1.2)
      omniauth (~> 1.0)
      rails (~> 5.0)

PATH
  remote: vendored-plugins/openproject-backlogs
  specs:
    openproject-backlogs (6.1.2)
      acts_as_silent_list (~> 3.0.0)
      openproject-pdf_export (= 6.1.2)
      rails (~> 5.0.0)

PATH
  remote: vendored-plugins/openproject-costs
  specs:
    openproject-costs (6.1.2)
      rails (~> 5.0.0)

PATH
  remote: vendored-plugins/openproject-documents
  specs:
    openproject-documents (6.1.2)
      rails (~> 5.0.0)

PATH
  remote: vendored-plugins/openproject-github_integration
  specs:
    openproject-github_integration (6.1.2)
      openproject-webhooks (~> 6.1.2)
      rails (~> 5.0)

PATH
  remote: vendored-plugins/openproject-global_roles
  specs:
    openproject-global_roles (6.1.2)
      rails (~> 5.0.0)

PATH
  remote: vendored-plugins/openproject-local_avatars
  specs:
    openproject-local_avatars (6.1.2)
      rails (~> 5.0)
      rmagick (~> 2.15.4)

PATH
  remote: vendored-plugins/openproject-meeting
  specs:
    openproject-meeting (6.1.2)
      icalendar (~> 2.3.0)
      rails (~> 5.0.0)

PATH
  remote: vendored-plugins/openproject-my_project_page
  specs:
    openproject-my_project_page (6.1.2)
      rails (~> 5.0.0)

PATH
  remote: vendored-plugins/openproject-openid_connect
  specs:
    openproject-openid_connect (6.1.2)
      lobby_boy (~> 0.1)
      omniauth-openid_connect-providers (~> 0.1)
      openproject-auth_plugins (~> 6.0)
      rails (~> 5.0)

PATH
  remote: vendored-plugins/openproject-pdf_export
  specs:
    openproject-pdf_export (6.1.2)
      prawn (~> 2.1.0)
      rails (~> 5.0.0)

PATH
  remote: vendored-plugins/openproject-reporting
  specs:
    openproject-reporting (6.1.2)
      jquery-tablesorter (~> 1.22.3)
      openproject-costs (= 6.1.2)
      rails (~> 5.0.0)
      reporting_engine (>= 1.1.0)

PATH
  remote: vendored-plugins/openproject-themes-dark
  specs:
    openproject-themes-dark (6.1.2)
      rails (~> 5.0)

PATH
  remote: vendored-plugins/openproject-webhooks
  specs:
    openproject-webhooks (6.1.2)
      rails (~> 5.0)

PATH
  remote: vendored-plugins/openproject-xls_export
  specs:
    openproject-xls_export (6.1.2)
      rails (~> 5.0.0)
      spreadsheet (~> 0.8.9)

PATH
  remote: vendored-plugins/reporting_engine
  specs:
    reporting_engine (6.1.2)
      json
      rails (~> 5.0.0)

GEM
  remote: https://rubygems.org/
  specs:
    Ascii85 (1.0.2)
    actioncable (5.0.0.1)
      actionpack (= 5.0.0.1)
      nio4r (~> 1.2)
      websocket-driver (~> 0.6.1)
    actionmailer (5.0.0.1)
      actionpack (= 5.0.0.1)
      actionview (= 5.0.0.1)
      activejob (= 5.0.0.1)
      mail (~> 2.5, >= 2.5.4)
      rails-dom-testing (~> 2.0)
    actionpack (5.0.0.1)
      actionview (= 5.0.0.1)
      activesupport (= 5.0.0.1)
      rack (~> 2.0)
      rack-test (~> 0.6.3)
      rails-dom-testing (~> 2.0)
      rails-html-sanitizer (~> 1.0, >= 1.0.2)
    actionpack-xml_parser (2.0.0)
      actionpack (~> 5.x)
      railties (~> 5.x)
    actionview (5.0.0.1)
      activesupport (= 5.0.0.1)
      builder (~> 3.1)
      erubis (~> 2.7.0)
      rails-dom-testing (~> 2.0)
      rails-html-sanitizer (~> 1.0, >= 1.0.2)
    active_record_query_trace (1.5.4)
    activejob (5.0.0.1)
      activesupport (= 5.0.0.1)
      globalid (>= 0.3.6)
    activemodel (5.0.0.1)
      activesupport (= 5.0.0.1)
    activemodel-serializers-xml (1.0.1)
      activemodel (> 5.x)
      activerecord (> 5.x)
      activesupport (> 5.x)
      builder (~> 3.1)
    activerecord (5.0.0.1)
      activemodel (= 5.0.0.1)
      activesupport (= 5.0.0.1)
      arel (~> 7.0)
    activerecord-session_store (1.0.0)
      actionpack (>= 4.0, < 5.1)
      activerecord (>= 4.0, < 5.1)
      multi_json (~> 1.11, >= 1.11.2)
      rack (>= 1.5.2, < 3)
      railties (>= 4.0, < 5.1)
    activesupport (5.0.0.1)
      concurrent-ruby (~> 1.0, >= 1.0.2)
      i18n (~> 0.7)
      minitest (~> 5.1)
      tzinfo (~> 1.1)
    acts_as_list (0.8.1)
      activerecord (>= 3.0)
    acts_as_silent_list (3.0.0)
    acts_as_tree (2.5.1)
      activerecord (>= 3.0.0)
    addressable (2.4.0)
    afm (0.2.2)
    airbrake (5.1.0)
      airbrake-ruby (~> 1.1)
    airbrake-ruby (1.5.0)
    arel (7.1.2)
    ast (2.3.0)
    attr_required (1.0.1)
    autoprefixer-rails (6.4.1.1)
      execjs
    awesome_nested_set (3.1.1)
      activerecord (>= 4.0.0, < 5.1)
    axiom-types (0.1.1)
      descendants_tracker (~> 0.0.4)
      ice_nine (~> 0.11.0)
      thread_safe (~> 0.3, >= 0.3.1)
    bcrypt (3.1.11)
    bindata (2.3.4)
    binding_of_caller (0.7.2)
      debug_inspector (>= 0.0.1)
    bourbon (4.2.7)
      sass (~> 3.4)
      thor (~> 0.19)
    builder (3.2.2)
    byebug (9.0.5)
    capybara (2.8.1)
      addressable
      mime-types (>= 1.16)
      nokogiri (>= 1.3.3)
      rack (>= 1.0.0)
      rack-test (>= 0.5.4)
      xpath (~> 2.0)
    capybara-ng (0.2.7)
    capybara-screenshot (1.0.14)
      capybara (>= 1.0, < 3)
      launchy
    cells (4.1.3)
      tilt (>= 1.4, < 3)
      uber (>= 0.0.9)
    cells-erb (0.0.8)
      cells (~> 4.0)
      erbse (>= 0.0.2)
    cells-rails (0.0.6)
      actionpack (>= 3.0)
      cells (>= 4.1)
    childprocess (0.5.9)
      ffi (~> 1.0, >= 1.0.11)
    climate_control (0.0.3)
      activesupport (>= 3.0)
    cocaine (0.5.8)
      climate_control (>= 0.0.3, < 1.0)
    codecov (0.1.5)
      json
      simplecov
      url
    coderay (1.1.1)
    coercible (1.0.0)
      descendants_tracker (~> 0.0.1)
    color-tools (1.3.0)
    concurrent-ruby (1.0.2)
    crack (0.4.3)
      safe_yaml (~> 1.0.0)
    crowdin-api (0.4.1)
      rest-client (~> 1.8)
    cucumber (2.4.0)
      builder (>= 2.1.2)
      cucumber-core (~> 1.5.0)
      cucumber-wire (~> 0.0.1)
      diff-lcs (>= 1.1.3)
      gherkin (~> 4.0)
      multi_json (>= 1.7.5, < 2.0)
      multi_test (>= 0.1.2)
    cucumber-core (1.5.0)
      gherkin (~> 4.0)
    cucumber-rails (1.4.4)
      capybara (>= 1.1.2, < 3)
      cucumber (>= 1.3.8, < 3)
      mime-types (>= 1.16, < 4)
      nokogiri (~> 1.5)
      railties (>= 3, < 5.1)
    cucumber-wire (0.0.1)
    daemons (1.2.4)
    dalli (2.7.6)
    database_cleaner (1.5.3)
    date_validator (0.9.0)
      activemodel
      activesupport
    debug_inspector (0.0.2)
    delayed_job (4.1.2)
      activesupport (>= 3.0, < 5.1)
    delayed_job_active_record (4.1.1)
      activerecord (>= 3.0, < 5.1)
      delayed_job (>= 3.0, < 5)
    descendants_tracker (0.0.4)
      thread_safe (~> 0.3, >= 0.3.1)
    diff-lcs (1.2.5)
    disposable (0.0.9)
      representable (~> 2.0)
      uber
    docile (1.1.5)
    domain_name (0.5.20161129)
      unf (>= 0.0.5, < 1.0.0)
    enumerable-lazy (0.0.1)
    equalizer (0.0.11)
    equivalent-xml (0.6.0)
      nokogiri (>= 1.4.3)
    erbse (0.0.2)
    erubis (2.7.0)
    eventmachine (1.2.0.1)
    excon (0.52.0)
    execjs (2.7.0)
    factory_girl (4.7.0)
      activesupport (>= 3.0.0)
    factory_girl_rails (4.7.0)
      factory_girl (~> 4.7.0)
      railties (>= 3.0.0)
    faker (1.6.6)
      i18n (~> 0.5)
    ffi (1.9.14)
    fog-aws (0.11.0)
      fog-core (~> 1.38)
      fog-json (~> 1.0)
      fog-xml (~> 0.1)
      ipaddress (~> 0.8)
    fog-core (1.42.0)
      builder
      excon (~> 0.49)
      formatador (~> 0.2)
    fog-json (1.0.2)
      fog-core (~> 1.0)
      multi_json (~> 1.10)
    fog-xml (0.1.2)
      fog-core
      nokogiri (~> 1.5, >= 1.5.11)
    formatador (0.2.5)
    fuubar (2.2.0)
      rspec-core (~> 3.0)
      ruby-progressbar (~> 1.4)
    get_process_mem (0.2.1)
    gherkin (4.0.0)
    globalid (0.3.7)
      activesupport (>= 4.1.0)
    gon (4.1.1)
      actionpack (>= 2.3.0)
      json
    grape (0.17.0)
      activesupport
      builder
      hashie (>= 2.1.0)
      multi_json (>= 1.3.2)
      multi_xml (>= 0.5.2)
      mustermann19 (~> 0.4.3)
      rack (>= 1.3.0)
      rack-accept
      virtus (>= 1.0.0)
    grape-cache_control (1.0.1)
      grape (~> 0.3)
    gravatar_image_tag (1.2.0)
    hashdiff (0.3.0)
    hashery (2.1.2)
    hashie (3.4.6)
    health_check (2.2.1)
      rails (>= 4.0)
    htmldiff (0.0.1)
    http-cookie (1.0.3)
      domain_name (~> 0.5)
    httpclient (2.8.2.4)
    i18n (0.7.0)
    i18n-js (3.0.0.rc14)
      i18n (~> 0.6, >= 0.6.6)
    icalendar (2.3.0)
    ice_nine (0.11.2)
    interception (0.5)
    ipaddress (0.8.3)
    iso8601 (0.9.1)
    jquery-tablesorter (1.22.7)
      railties (>= 3.2, < 6)
    json (1.8.3)
    json-jwt (1.6.5)
      activesupport
      bindata
      multi_json (>= 1.3)
      securecompare
      url_safe_base64
    json_spec (1.1.4)
      multi_json (~> 1.0)
      rspec (>= 2.0, < 4.0)
    kgio (2.10.0)
    launchy (2.4.3)
      addressable (~> 2.3)
    letter_opener (1.4.1)
      launchy (~> 2.2)
    livingstyleguide (2.0.1)
      minisyntax (>= 0.2.5)
      redcarpet
      sass
      thor
      tilt
    lobby_boy (0.1.2)
      omniauth (~> 1.1)
      omniauth-openid-connect (>= 0.2)
      rails (>= 3.2.21)
    loofah (2.0.3)
      nokogiri (>= 1.5.9)
    mail (2.6.4)
      mime-types (>= 1.16, < 4)
    method_source (0.8.2)
    mime-types (2.99.3)
    mini_portile2 (2.1.0)
    minisyntax (0.2.5)
    minitest (5.9.0)
    mixlib-shellout (2.1.0)
    multi_json (1.12.1)
    multi_test (0.1.2)
    multi_xml (0.5.5)
    mustermann19 (0.4.4)
      enumerable-lazy
    mysql2 (0.4.4)
    net-ldap (0.14.0)
    netrc (0.11.0)
    newrelic_rpm (3.16.2.321)
    nio4r (1.2.1)
    nokogiri (1.6.8)
      mini_portile2 (~> 2.1.0)
      pkg-config (~> 1.1.7)
    oj (2.17.4)
    openid_connect (0.8.3)
      activemodel
      attr_required (>= 0.0.5)
      json (>= 1.4.3)
      json-jwt (>= 0.5.5)
      rack-oauth2 (>= 1.0.0)
      swd (>= 0.1.2)
      tzinfo
      validate_email
      validate_url
      webfinger (>= 0.0.2)
    parallel (1.9.0)
    parallel_tests (2.4.1)
      parallel
    parser (2.3.1.4)
      ast (~> 2.2)
    passenger (5.0.30)
      rack
      rake (>= 0.8.1)
    pdf-core (0.6.1)
    pdf-inspector (1.0.2)
      pdf-reader (>= 0.9.0)
    pdf-reader (1.4.0)
      Ascii85 (~> 1.0.0)
      afm (~> 0.2.1)
      hashery (~> 2.0)
      ruby-rc4
      ttfunk
    pg (0.19.0)
    pkg-config (1.1.7)
    powerpack (0.1.1)
    prawn (2.1.0)
      pdf-core (~> 0.6.1)
      ttfunk (~> 1.4.0)
    prawn-table (0.2.2)
      prawn (>= 1.3.0, < 3.0.0)
    pry (0.10.4)
      coderay (~> 1.1.0)
      method_source (~> 0.8.1)
      slop (~> 3.4)
    pry-byebug (3.4.0)
      byebug (~> 9.0)
      pry (~> 0.10)
    pry-doc (0.9.0)
      pry (~> 0.9)
      yard (~> 0.8)
    pry-rails (0.3.4)
      pry (>= 0.9.10)
    pry-rescue (1.4.4)
      interception (>= 0.5)
      pry
    pry-stack_explorer (0.4.9.2)
      binding_of_caller (>= 0.7)
      pry (>= 0.9.11)
    rabl (0.13.0)
      activesupport (>= 2.3.14)
    rack (2.0.1)
    rack-accept (0.4.5)
      rack (>= 0.4)
    rack-attack (5.0.1)
      rack
    rack-oauth2 (1.4.0)
      activesupport (>= 2.3)
      attr_required (>= 0.0.5)
      httpclient (>= 2.4)
      multi_json (>= 1.3.6)
      rack (>= 1.1)
    rack-protection (2.0.0.beta2)
      rack
    rack-test (0.6.3)
      rack (>= 1.0)
    rack_session_access (0.1.1)
      builder (>= 2.0.0)
      rack (>= 1.0.0)
    rails (5.0.0.1)
      actioncable (= 5.0.0.1)
      actionmailer (= 5.0.0.1)
      actionpack (= 5.0.0.1)
      actionview (= 5.0.0.1)
      activejob (= 5.0.0.1)
      activemodel (= 5.0.0.1)
      activerecord (= 5.0.0.1)
      activesupport (= 5.0.0.1)
      bundler (>= 1.3.0, < 2.0)
      railties (= 5.0.0.1)
      sprockets-rails (>= 2.0.0)
    rails-dom-testing (2.0.1)
      activesupport (>= 4.2.0, < 6.0)
      nokogiri (~> 1.6.0)
    rails-html-sanitizer (1.0.3)
      loofah (~> 2.0)
    rails_12factor (0.0.3)
      rails_serve_static_assets
      rails_stdout_logging
    rails_autolink (1.1.6)
      rails (> 3.1)
    rails_serve_static_assets (0.0.5)
    rails_stdout_logging (0.0.5)
    railties (5.0.0.1)
      actionpack (= 5.0.0.1)
      activesupport (= 5.0.0.1)
      method_source
      rake (>= 0.8.7)
      thor (>= 0.18.1, < 2.0)
    rainbow (2.1.0)
    raindrops (0.17.0)
    rake (11.3.0)
    rdoc (4.2.2)
      json (~> 1.4)
    redcarpet (3.3.4)
    reform (1.2.6)
      activemodel
      disposable (~> 0.0.5)
      representable (~> 2.1.0)
      uber (~> 0.0.11)
    representable (2.1.8)
      multi_json
      nokogiri
      uber (~> 0.0.7)
    request_store (1.3.1)
    responders (2.3.0)
      railties (>= 4.2.0, < 5.1)
    rest-client (1.8.0)
      http-cookie (>= 1.0.2, < 2.0)
      mime-types (>= 1.16, < 3.0)
      netrc (~> 0.7)
    retriable (2.1.0)
    rmagick (2.15.4)
    roar (1.0.4)
      representable (>= 2.0.1, < 2.4.0)
    rspec (3.5.0)
      rspec-core (~> 3.5.0)
      rspec-expectations (~> 3.5.0)
      rspec-mocks (~> 3.5.0)
    rspec-core (3.5.3)
      rspec-support (~> 3.5.0)
    rspec-expectations (3.5.0)
      diff-lcs (>= 1.2.0, < 2.0)
      rspec-support (~> 3.5.0)
    rspec-legacy_formatters (1.0.1)
      rspec (~> 3.0)
    rspec-mocks (3.5.0)
      diff-lcs (>= 1.2.0, < 2.0)
      rspec-support (~> 3.5.0)
    rspec-rails (3.5.2)
      actionpack (>= 3.0)
      activesupport (>= 3.0)
      railties (>= 3.0)
      rspec-core (~> 3.5.0)
      rspec-expectations (~> 3.5.0)
      rspec-mocks (~> 3.5.0)
      rspec-support (~> 3.5.0)
    rspec-retry (0.5.2)
      rspec-core (> 3.3, < 3.6)
    rspec-support (3.5.0)
    rubocop (0.43.0)
      parser (>= 2.3.1.1, < 3.0)
      powerpack (~> 0.1)
      rainbow (>= 1.99.1, < 3.0)
      ruby-progressbar (~> 1.7)
      unicode-display_width (~> 1.0, >= 1.0.1)
    ruby-duration (3.2.3)
      activesupport (>= 3.0.0)
      i18n
      iso8601
    ruby-ole (1.2.12)
    ruby-progressbar (1.8.1)
    ruby-rc4 (0.1.5)
    ruby-saml (1.4.0)
      nokogiri (>= 1.5.10)
    rubytree (0.9.7)
      json (~> 1.8)
      structured_warnings (~> 0.2)
    rubyzip (1.2.0)
    safe_yaml (1.0.4)
    sass (3.4.22)
    sass-rails (5.0.6)
      railties (>= 4.0.0, < 6)
      sass (~> 3.1)
      sprockets (>= 2.8, < 4.0)
      sprockets-rails (>= 2.0, < 4.0)
      tilt (>= 1.1, < 3)
    securecompare (1.0.0)
    selenium-webdriver (2.53.4)
      childprocess (~> 0.5)
      rubyzip (~> 1.0)
      websocket (~> 1.0)
    shoulda-context (1.2.1)
    shoulda-matchers (3.1.1)
      activesupport (>= 4.0.0)
    simplecov (0.12.0)
      docile (~> 1.1.0)
      json (>= 1.8, < 3)
      simplecov-html (~> 0.10.0)
    simplecov-html (0.10.0)
    slop (3.6.0)
    spreadsheet (0.8.9)
      ruby-ole (>= 1.0)
    sprockets (3.7.0)
      concurrent-ruby (~> 1.0)
      rack (> 1, < 3)
    sprockets-rails (3.2.0)
      actionpack (>= 4.0)
      activesupport (>= 4.0)
      sprockets (>= 3.0.0)
    sqlite3 (1.3.11)
    stringex (2.6.1)
    structured_warnings (0.2.0)
    svg-graph (2.0.1)
    swd (1.0.1)
      activesupport (>= 3)
      attr_required (>= 0.0.5)
      httpclient (>= 2.4)
      i18n
      json (>= 1.4.3)
    syck (1.0.5)
    sys-filesystem (1.1.7)
      ffi
    thin (1.7.0)
      daemons (~> 1.0, >= 1.0.9)
      eventmachine (~> 1.0, >= 1.0.4)
      rack (>= 1, < 3)
    thor (0.19.1)
    thread_safe (0.3.5)
    tilt (2.0.5)
    timecop (0.8.1)
    ttfunk (1.4.0)
    tzinfo (1.2.2)
      thread_safe (~> 0.1)
    tzinfo-data (1.2016.6)
      tzinfo (>= 1.0.0)
    uber (0.0.15)
    unf (0.1.4)
      unf_ext
    unf_ext (0.0.7.2)
    unicode-display_width (1.1.1)
    unicorn (5.1.0)
      kgio (~> 2.6)
      raindrops (~> 0.7)
    unicorn-worker-killer (0.4.4)
      get_process_mem (~> 0)
      unicorn (>= 4, < 6)
    url (0.3.2)
    url_safe_base64 (0.2.2)
    validate_email (0.1.6)
      activemodel (>= 3.0)
      mail (>= 2.2.5)
    validate_url (1.0.2)
      activemodel (>= 3.0.0)
      addressable
    virtus (1.0.5)
      axiom-types (~> 0.1)
      coercible (~> 1.0)
      descendants_tracker (~> 0.0, >= 0.0.3)
      equalizer (~> 0.0, >= 0.0.9)
    warden (1.2.6)
      rack (>= 1.0)
    warden-basic_auth (0.2.1)
      warden (~> 1.2)
    webfinger (1.0.2)
      activesupport
      httpclient (>= 2.4)
      multi_json
    webmock (2.1.0)
      addressable (>= 2.3.6)
      crack (>= 0.3.2)
      hashdiff
    websocket (1.2.3)
    websocket-driver (0.6.4)
      websocket-extensions (>= 0.1.0)
    websocket-extensions (0.1.2)
    will_paginate (3.1.3)
    xpath (2.0.0)
      nokogiri (~> 1.3)
    yard (0.9.5)

PLATFORMS
  ruby

DEPENDENCIES
  actionpack-xml_parser (~> 2.0.0)
  active_record_query_trace
  activemodel-serializers-xml (~> 1.0.1)
  activerecord-jdbcmysql-adapter
  activerecord-jdbcpostgresql-adapter
  activerecord-session_store (~> 1.0.0)
  acts_as_list (~> 0.8.1)
  acts_as_tree (~> 2.5.1)
  airbrake (~> 5.1.0)
  autoprefixer-rails (~> 6.4.1)
  awesome_nested_set (~> 3.1.1)
  bcrypt (~> 3.1.6)
  bourbon (~> 4.2.0)
  capybara (~> 2.8.1)
  capybara-ng (~> 0.2.7)
  capybara-screenshot (~> 1.0.14)
  capybara-select2!
  carrierwave!
  cells-erb (~> 0.0.8)
  cells-rails (~> 0.0.6)
  cocaine (~> 0.5.8)
  codecov (~> 0.1.5)
  coderay (~> 1.1.0)
  color-tools (~> 1.3.0)
  cucumber (~> 2.4.0)
  cucumber-rails (~> 1.4.4)
  daemons
  dalli (~> 2.7.6)
  database_cleaner (~> 1.5.3)
  date_validator (~> 0.9.0)
  delayed_job_active_record (~> 4.1.1)
  equivalent-xml (~> 0.6)
  factory_girl (~> 4.5)
  factory_girl_rails (~> 4.7)
  faker
  fog-aws
  friendly_id!
  fuubar (~> 2.2.0)
  globalize!
  gon (~> 4.0)
  grape (~> 0.17)
  grape-cache_control (~> 1.0.1)
  gravatar_image_tag (~> 1.2.0)
  health_check
  htmldiff
  i18n-js (>= 3.0.0.rc13)
  jruby-openssl
  json_spec (~> 1.1.4)
  launchy (~> 2.4.3)
  letter_opener
  livingstyleguide (~> 2.0.1)
  multi_json (~> 1.12.1)
  mysql2 (~> 0.4.4)
  net-ldap (~> 0.14.0)
  newrelic_rpm
  nokogiri (~> 1.6.8)
  oj (~> 2.17.4)
  omniauth!
  omniauth-openid-connect!
  omniauth-openid_connect-providers!
  omniauth-saml!
  openproject-auth_plugins!
  openproject-auth_saml!
  openproject-backlogs!
  openproject-costs!
  openproject-documents!
  openproject-github_integration!
  openproject-global_roles!
  openproject-local_avatars!
  openproject-meeting!
  openproject-my_project_page!
  openproject-openid_connect!
  openproject-pdf_export!
  openproject-reporting!
  openproject-themes-dark!
  openproject-translations!
  openproject-webhooks!
  openproject-xls_export!
  parallel_tests (~> 2.4.1)
  passenger
  pdf-inspector (~> 1.0.0)
  pg (~> 0.19.0)
  prawn (~> 2.1)
  prawn-table (~> 0.2.2)
  pry-byebug (~> 3.4.0)
  pry-doc (~> 0.9.0)
  pry-rails (~> 0.3.4)
  pry-rescue (~> 1.4.4)
  pry-stack_explorer (~> 0.4.9.2)
  rabl (~> 0.13.0)
  rack-attack (~> 5.0.1)
  rack-protection (~> 2.0.0.beta2)
  rack-test (~> 0.6.3)
  rack_session_access
  rails (~> 5.0.0)
  rails-angular-xss!
  rails-controller-testing!
  rails_12factor
  rails_autolink (~> 1.1.6)
  rdoc (>= 2.4.2)
  reform (~> 1.2.6)
  reporting_engine!
  request_store (~> 1.3.1)
  responders (~> 2.3)
  retriable (~> 2.1)
  roar (~> 1.0.0)
  rspec (~> 3.5.0)
  rspec-activemodel-mocks (~> 1.0.3)!
  rspec-example_disabler!
  rspec-legacy_formatters (~> 1.0.1)
  rspec-rails (~> 3.5.2)
  rspec-retry (~> 0.5.2)
  rubocop
  ruby-duration (~> 3.2.0)
  ruby-progressbar
  rubytree (~> 0.9.7)
  sass (~> 3.4.12)
  sass-rails (~> 5.0.6)
  selenium-webdriver (~> 2.53.4)
  shoulda-context (~> 1.2)
  shoulda-matchers (~> 3.1)
  simplecov (~> 0.12.0)
  sprockets (~> 3.7.0)
  sqlite3
  stringex (~> 2.6.1)
  svg-graph (~> 2.0.1)
  syck (~> 1.0.5)
  sys-filesystem (~> 1.1.4)
  thin (~> 1.7.0)
  timecop (~> 0.8.1)
  transactional_lock!
  tzinfo-data (~> 1.2016.1)
  unicorn
  unicorn-worker-killer
  warden (~> 1.2)
  warden-basic_auth (~> 0.2.1)
  webmock (~> 2.1.0)
  will_paginate (~> 3.1.0)

RUBY VERSION
   ruby 2.3.1p112

BUNDLED WITH
   1.13.6
